PATH
  remote: .
  specs:
    simple-rpc (1.0.6)

GEM
  remote: https://rubygems.org/
  specs:
    rake (10.5.0)

PLATFORMS
  ruby

DEPENDENCIES
  bundler (~> 1.16)
  rake (~> 10.0)
  simple-rpc!

BUNDLED WITH
   1.16.2
